PATH
  remote: .
  specs:
    chromate (0.0.7.pre)
      base64 (~> 0.2.0)
      ffi (~> 1.17.0)
      json (~> 2.8.0)
      logger (~> 1.7.0)
      net-http (~> 0.3.0)
      securerandom (~> 0.2.0)
      user_agent_parser (~> 2.18.0)
      websocket-client-simple (~> 0.8.0)

GEM
  remote: https://rubygems.org/
  specs:
    ast (2.4.2)
    base64 (0.2.0)
    diff-lcs (1.5.1)
    event_emitter (0.2.6)
    ffi (1.17.0)
    ffi (1.17.0-x86_64-darwin)
    json (2.8.2)
    language_server-protocol (3.17.0.3)
    logger (1.7.0)
    net-http (0.3.2)
      uri
    parallel (1.26.3)
    parser (3.3.5.0)
      ast (~> 2.4.1)
      racc
    racc (1.8.1)
    rainbow (3.1.1)
    rake (13.2.1)
    regexp_parser (2.9.2)
    rspec (3.13.0)
      rspec-core (~> 3.13.0)
      rspec-expectations (~> 3.13.0)
      rspec-mocks (~> 3.13.0)
    rspec-core (3.13.2)
      rspec-support (~> 3.13.0)
    rspec-expectations (3.13.3)
      diff-lcs (>= 1.2.0, < 2.0)
      rspec-support (~> 3.13.0)
    rspec-mocks (3.13.2)
      diff-lcs (>= 1.2.0, < 2.0)
      rspec-support (~> 3.13.0)
    rspec-support (3.13.1)
    rubocop (1.67.0)
      json (~> 2.3)
      language_server-protocol (>= 3.17.0)
      parallel (~> 1.10)
      parser (>= 3.3.0.2)
      rainbow (>= 2.2.2, < 4.0)
      regexp_parser (>= 2.4, < 3.0)
      rubocop-ast (>= 1.32.2, < 2.0)
      ruby-progressbar (~> 1.7)
      unicode-display_width (>= 2.4.0, < 3.0)
    rubocop-ast (1.32.3)
      parser (>= 3.3.1.0)
    ruby-progressbar (1.13.0)
    securerandom (0.2.2)
    unicode-display_width (2.6.0)
    uri (1.0.3)
    user_agent_parser (2.18.0)
    webrick (1.8.2)
    websocket (1.2.11)
    websocket-client-simple (0.8.0)
      event_emitter
      websocket

PLATFORMS
  ruby
  x86_64-darwin-21

DEPENDENCIES
  chromate!
  rake (~> 13.0)
  rspec (~> 3.0)
  rubocop (~> 1.21)
  webrick (~> 1.8)

BUNDLED WITH
   2.5.21
